GEM
  remote: https://rubygems.org/
  specs:
    addressable (2.6.0)
      public_suffix (>= 2.0.2, < 4.0)
    ast (2.4.0)
    childprocess (0.7.1)
      ffi (~> 1.0, >= 1.0.11)
    colored (1.2)
    cri (2.9.1)
      colored (~> 1.2)
    deep_merge (1.2.1)
    diff-lcs (1.3)
    equatable (0.5.0)
    facter (2.5.1)
    fast_gettext (1.1.2)
    ffi (1.10.0)
    gettext (3.2.9)
      locale (>= 2.0.5)
      text (>= 1.3.0)
    gettext-setup (0.30)
      fast_gettext (~> 1.1.0)
      gettext (>= 3.0.2)
      locale
    hiera (3.5.0)
    hitimes (1.3.1)
    hocon (1.2.5)
    httpclient (2.8.3)
    jaro_winkler (1.5.2)
    json-schema (2.8.1)
      addressable (>= 2.4)
    json_pure (2.1.0)
    locale (2.1.2)
    metaclass (0.0.4)
    metadata-json-lint (2.2.0)
      json-schema (~> 2.8)
      spdx-licenses (~> 1.0)
    mocha (1.8.0)
      metaclass (~> 0.0.1)
    multi_json (1.13.1)
    necromancer (0.4.0)
    parallel (1.14.0)
    parser (2.6.0.0)
      ast (~> 2.4.0)
    pastel (0.7.2)
      equatable (~> 0.5.0)
      tty-color (~> 0.4.0)
    pathspec (0.2.1)
    pdk (1.1.0)
      bundler (~> 1.15)
      childprocess (~> 0.7.1)
      cri (~> 2.9.1)
      deep_merge (~> 1.1)
      gettext-setup (~> 0.24)
      json_pure (~> 2.1.0)
      tty-prompt (= 0.13.1)
      tty-spinner (= 0.5.0)
      tty-which (= 0.3.0)
    powerpack (0.1.2)
    psych (3.1.0)
    public_suffix (3.0.3)
    puppet (6.3.0)
      facter (> 2.0.1, < 4)
      fast_gettext (~> 1.1.2)
      hiera (>= 3.2.1, < 4)
      httpclient (~> 2.8)
      locale (~> 2.1)
      multi_json (~> 1.10)
      puppet-resource_api (~> 1.5)
      semantic_puppet (~> 1.0)
    puppet-lint (2.3.6)
    puppet-resource_api (1.8.0)
      hocon (>= 1.0)
    puppet-strings (2.1.0)
      rgen
      yard (~> 0.9.5)
    puppet-syntax (2.4.3)
      rake
    puppetlabs_spec_helper (2.13.1)
      mocha (~> 1.0)
      pathspec (~> 0.2.1)
      puppet-lint (~> 2.0)
      puppet-syntax (~> 2.0)
      rspec-puppet (~> 2.0)
    rainbow (3.0.0)
    rake (12.3.2)
    rgen (0.8.2)
    rspec (3.8.0)
      rspec-core (~> 3.8.0)
      rspec-expectations (~> 3.8.0)
      rspec-mocks (~> 3.8.0)
    rspec-core (3.8.0)
      rspec-support (~> 3.8.0)
    rspec-expectations (3.8.2)
      diff-lcs (>= 1.2.0, < 2.0)
      rspec-support (~> 3.8.0)
    rspec-mocks (3.8.0)
      diff-lcs (>= 1.2.0, < 2.0)
      rspec-support (~> 3.8.0)
    rspec-puppet (2.7.3)
      rspec
    rspec-support (3.8.0)
    rubocop (0.65.0)
      jaro_winkler (~> 1.5.1)
      parallel (~> 1.10)
      parser (>= 2.5, != 2.5.1.1)
      powerpack (~> 0.1)
      psych (>= 3.1.0)
      rainbow (>= 2.2.2, < 4.0)
      ruby-progressbar (~> 1.7)
      unicode-display_width (~> 1.4.0)
    ruby-progressbar (1.10.0)
    semantic_puppet (1.0.2)
    spdx-licenses (1.2.0)
    text (1.3.1)
    timers (4.1.2)
      hitimes
    tty-color (0.4.3)
    tty-cursor (0.5.0)
    tty-prompt (0.13.1)
      necromancer (~> 0.4.0)
      pastel (~> 0.7.0)
      timers (~> 4.1.2)
      tty-cursor (~> 0.5.0)
      wisper (~> 2.0.0)
    tty-spinner (0.5.0)
      tty-cursor (>= 0.5.0)
    tty-which (0.3.0)
    unicode-display_width (1.4.1)
    wisper (2.0.0)
    yard (0.9.18)

PLATFORMS
  ruby

DEPENDENCIES
  facter (>= 1.7.0)
  metadata-json-lint
  pdk
  puppet (>= 3.3)
  puppet-lint (>= 1.0.0)
  puppet-strings
  puppetlabs_spec_helper (>= 1.2.0)
  rspec-puppet
  rubocop

BUNDLED WITH
   1.16.3
