GEM
  remote: https://rubygems.org/
  specs:
    addressable (2.8.0)
      public_suffix (>= 2.0.2, < 5.0)
    ansi (1.5.0)
    ast (2.4.1)
    awesome_print (1.9.2)
    bcrypt_pbkdf (1.1.0)
    beaker (4.26.0)
      beaker-hostgenerator
      hocon (~> 1.0)
      in-parallel (~> 0.1)
      inifile (~> 3.0)
      minitar (~> 0.6)
      minitest (~> 5.4)
      net-scp (~> 1.2)
      net-ssh (>= 5.0)
      open_uri_redirections (~> 0.2.1)
      pry-byebug (~> 3.6)
      rb-readline (~> 0.5.3)
      rsync (~> 1.0.9)
      stringify-hash (~> 0.0)
      thor (>= 1.0.1, < 2.0)
    beaker-abs (0.5.0)
    beaker-answers (0.27.0)
      hocon (~> 1.0)
      require_all (~> 1.3.2)
      stringify-hash (~> 0.0.0)
    beaker-docker (0.7.0)
      docker-api
      stringify-hash (~> 0.0.0)
    beaker-hostgenerator (1.2.6)
      deep_merge (~> 1.0)
      stringify-hash (~> 0.0.0)
    beaker-pe (2.11.6)
      beaker (~> 4.0)
      beaker-abs
      beaker-answers (~> 0.0)
      beaker-puppet (~> 1.0)
      beaker-vmpooler (~> 1.0)
      stringify-hash (~> 0.0.0)
    beaker-puppet (1.19.2)
      beaker (~> 4.1)
      in-parallel (~> 0.1)
      oga
      stringify-hash (~> 0.0.0)
    beaker-puppet_install_helper (0.9.8)
      beaker (~> 4.0)
      beaker-pe (~> 2.0)
    beaker-rspec (6.2.4)
      beaker (> 3.0)
      rspec (~> 3.0)
      serverspec (~> 2)
      specinfra (~> 2)
    beaker-vmpooler (1.3.3)
      stringify-hash (~> 0.0.0)
    beaker_spec_helper (0.1.1)
      beaker (>= 2)
    byebug (11.1.3)
    childprocess (0.7.1)
      ffi (~> 1.0, >= 1.0.11)
    codecov (0.5.2)
      simplecov (>= 0.15, < 0.22)
    coderay (1.1.3)
    concurrent-ruby (1.1.5)
    cri (2.15.10)
    deep_merge (1.2.1)
    dependency_checker (0.2.0)
      parallel
      puppet_forge (~> 2.2)
      rake (~> 12.3)
      semantic_puppet (~> 1.0)
    diff-lcs (1.3)
    docile (1.4.0)
    docker-api (1.34.2)
      excon (>= 0.47.0)
      multi_json
    domain_name (0.5.20190701)
      unf (>= 0.0.5, < 1.0.0)
    ed25519 (1.2.4)
    excon (0.75.0)
    facter (2.5.7)
    facterdb (1.6.0)
      facter (< 5.0.0)
      jgrep
    faraday (0.17.4)
      multipart-post (>= 1.2, < 3)
    faraday_middleware (0.14.0)
      faraday (>= 0.7.4, < 1.0)
    fast_gettext (1.1.2)
    ffi (1.13.1)
    gettext (3.2.9)
      locale (>= 2.0.5)
      text (>= 1.3.0)
    gettext-setup (0.34)
      fast_gettext (~> 1.1.0)
      gettext (>= 3.0.2, < 3.3.0)
      locale
    hiera (3.6.0)
    hirb (0.7.3)
    hitimes (1.3.0)
    hocon (1.3.1)
    http-accept (1.7.0)
    http-cookie (1.0.4)
      domain_name (~> 0.5)
    httpclient (2.8.3)
    in-parallel (0.1.17)
    inifile (3.0.0)
    jgrep (1.5.4)
    json-schema (2.8.0)
      addressable (>= 2.4)
    json_pure (2.1.0)
    locale (2.1.3)
    metaclass (0.0.4)
    metadata-json-lint (3.0.0)
      json-schema (~> 2.8)
      spdx-licenses (~> 1.0)
    method_source (0.8.2)
    mime-types (3.3.1)
      mime-types-data (~> 3.2015)
    mime-types-data (3.2021.0704)
    minitar (0.9)
    minitest (5.14.1)
    mocha (1.1.0)
      metaclass (~> 0.0.1)
    multi_json (1.15.0)
    multipart-post (2.1.1)
    net-scp (1.2.1)
      net-ssh (>= 2.6.5)
    net-ssh (6.1.0)
    net-telnet (0.1.1)
    netrc (0.11.0)
    oga (3.2)
      ast
      ruby-ll (~> 2.1)
    open_uri_redirections (0.2.1)
    parallel (1.20.1)
    parallel_tests (3.7.0)
      parallel
    parser (3.0.2.0)
      ast (~> 2.4.1)
    pastel (0.8.0)
      tty-color (~> 0.5)
    pathspec (0.2.1)
    pdk (1.18.1)
      bundler (>= 1.15.0, < 3.0.0)
      childprocess (~> 0.7.1)
      concurrent-ruby (~> 1.1.5)
      cri (~> 2.10)
      deep_merge (~> 1.1)
      diff-lcs (= 1.3)
      facter (~> 2.5.1)
      ffi (>= 1.9.25, < 2.0.0)
      gettext-setup (~> 0.24)
      hitimes (= 1.3.0)
      httpclient (~> 2.8.3)
      json-schema (= 2.8.0)
      json_pure (~> 2.1.0)
      minitar (~> 0.6)
      pathspec (~> 0.2.1)
      tty-prompt (~> 0.13)
      tty-spinner (~> 0.5)
      tty-which (~> 0.3)
    pluginator (1.5.0)
    pry (0.10.4)
      coderay (~> 1.1.0)
      method_source (~> 0.8.1)
      slop (~> 3.4)
    pry-byebug (3.8.0)
      byebug (~> 11.0)
      pry (~> 0.10)
    public_suffix (4.0.6)
    puppet (6.17.0)
      concurrent-ruby (~> 1.0)
      deep_merge (~> 1.0)
      facter (> 2.0.1, < 5)
      fast_gettext (~> 1.1)
      hiera (>= 3.2.1, < 4)
      httpclient (~> 2.8)
      locale (~> 2.1)
      multi_json (~> 1.10)
      puppet-resource_api (~> 1.5)
      semantic_puppet (~> 1.0)
    puppet-blacksmith (6.1.0)
      puppet-modulebuilder (~> 0.2)
      rest-client (~> 2.0)
    puppet-debugger (1.2.0)
      awesome_print (~> 1.7)
      bundler
      facterdb (>= 0.4.0)
      pluginator (~> 1.5.0)
      puppet (>= 5.5)
      rb-readline (>= 0.5.5)
      table_print (>= 1.0.0)
      tty-pager (~> 0.13.0)
    puppet-lint (2.4.2)
    puppet-module-posix-default-r2.7 (1.1.0)
    puppet-module-posix-dev-r2.7 (1.1.0)
      bcrypt_pbkdf (~> 1.0)
      codecov (~> 0.2)
      concurrent-ruby (!= 1.1.6)
      dependency_checker (~> 0.2)
      ed25519 (~> 1.2)
      facterdb (>= 0.8.1, < 2.0.0)
      metadata-json-lint (>= 2.0.2, < 4.0.0)
      mocha (>= 1.0.0, < 1.2.0)
      parallel_tests (~> 3.4)
      pry (~> 0.10.4)
      puppet-blacksmith (~> 6.0)
      puppet-debugger (~> 1.0)
      puppet-lint (>= 2.3.0, < 3.0.0)
      puppet-resource_api (~> 1.8)
      puppet-strings (~> 2.0)
      puppet-syntax (~> 3.0)
      puppetlabs_spec_helper (>= 2.9.0, < 4.0.0)
      rainbow (~> 2.0)
      rspec-puppet (>= 2.3.2, < 3.0.0)
      rspec-puppet-facts (>= 1.10.0, < 3)
      rspec_junit_formatter (~> 0.2)
      rubocop (= 1.6.1)
      rubocop-performance (= 1.9.1)
      rubocop-rspec (= 2.0.1)
      serverspec (~> 2.41)
      simplecov (< 0.19.0)
      simplecov-console (~> 0.4.2)
      specinfra (= 2.82.2)
    puppet-modulebuilder (0.3.0)
      minitar (~> 0.9)
      pathspec (>= 0.2.1, < 2.0.0)
    puppet-resource_api (1.8.13)
      hocon (>= 1.0)
    puppet-strings (2.7.0)
      rgen
      yard (~> 0.9.5)
    puppet-syntax (3.1.0)
      puppet (>= 5)
      rake
    puppet_forge (2.3.4)
      faraday (>= 0.9.0, < 0.18.0, != 0.13.1)
      faraday_middleware (>= 0.9.0, < 0.15.0)
      gettext-setup (~> 0.11)
      minitar
      semantic_puppet (~> 1.0)
    puppetlabs_spec_helper (3.0.0)
      mocha (~> 1.0)
      pathspec (>= 0.2.1, < 1.1.0)
      puppet-lint (~> 2.0)
      puppet-syntax (>= 2.0, < 4)
      rspec-puppet (~> 2.0)
    rainbow (2.2.2)
      rake
    rake (12.3.3)
    rb-readline (0.5.5)
    regexp_parser (2.1.1)
    require_all (1.3.3)
    rest-client (2.1.0)
      http-accept (>= 1.7.0, < 2.0)
      http-cookie (>= 1.0.2, < 2.0)
      mime-types (>= 1.16, < 4.0)
      netrc (~> 0.8)
    rexml (3.2.5)
    rgen (0.8.2)
    rspec (3.9.0)
      rspec-core (~> 3.9.0)
      rspec-expectations (~> 3.9.0)
      rspec-mocks (~> 3.9.0)
    rspec-core (3.9.2)
      rspec-support (~> 3.9.3)
    rspec-expectations (3.9.2)
      diff-lcs (>= 1.2.0, < 2.0)
      rspec-support (~> 3.9.0)
    rspec-its (1.3.0)
      rspec-core (>= 3.0.0)
      rspec-expectations (>= 3.0.0)
    rspec-mocks (3.9.1)
      diff-lcs (>= 1.2.0, < 2.0)
      rspec-support (~> 3.9.0)
    rspec-puppet (2.9.0)
      rspec
    rspec-puppet-facts (2.0.1)
      facter
      facterdb (>= 0.5.0)
      puppet
    rspec-support (3.9.3)
    rspec_junit_formatter (0.4.1)
      rspec-core (>= 2, < 4, != 2.12.0)
    rsync (1.0.9)
    rubocop (1.6.1)
      parallel (~> 1.10)
      parser (>= 2.7.1.5)
      rainbow (>= 2.2.2, < 4.0)
      regexp_parser (>= 1.8, < 3.0)
      rexml
      rubocop-ast (>= 1.2.0, < 2.0)
      ruby-progressbar (~> 1.7)
      unicode-display_width (>= 1.4.0, < 2.0)
    rubocop-ast (1.7.0)
      parser (>= 3.0.1.1)
    rubocop-performance (1.9.1)
      rubocop (>= 0.90.0, < 2.0)
      rubocop-ast (>= 0.4.0)
    rubocop-rspec (2.0.1)
      rubocop (~> 1.0)
      rubocop-ast (>= 1.1.0)
    ruby-ll (2.1.2)
      ansi
      ast
    ruby-progressbar (1.11.0)
    semantic_puppet (1.0.2)
    serverspec (2.41.5)
      multi_json
      rspec (~> 3.0)
      rspec-its
      specinfra (~> 2.72)
    sfl (2.3)
    simplecov (0.18.5)
      docile (~> 1.1)
      simplecov-html (~> 0.11)
    simplecov-console (0.4.2)
      ansi
      hirb
      simplecov
    simplecov-html (0.12.3)
    slop (3.6.0)
    spdx-licenses (1.3.0)
    specinfra (2.82.2)
      net-scp
      net-ssh (>= 2.7)
      net-telnet (= 0.1.1)
      sfl
    stringify-hash (0.0.2)
    strings (0.1.8)
      strings-ansi (~> 0.1)
      unicode-display_width (~> 1.5)
      unicode_utils (~> 1.4)
    strings-ansi (0.2.0)
    table_print (1.5.7)
    text (1.3.1)
    thor (1.0.1)
    tty-color (0.5.1)
    tty-cursor (0.7.1)
    tty-pager (0.13.0)
      strings (~> 0.1.8)
      tty-screen (~> 0.8)
    tty-prompt (0.22.0)
      pastel (~> 0.8)
      tty-reader (~> 0.8)
    tty-reader (0.8.0)
      tty-cursor (~> 0.7)
      tty-screen (~> 0.8)
      wisper (~> 2.0)
    tty-screen (0.8.1)
    tty-spinner (0.9.3)
      tty-cursor (~> 0.7)
    tty-which (0.4.2)
    unf (0.1.4)
      unf_ext
    unf_ext (0.0.7.7)
    unicode-display_width (1.7.0)
    unicode_utils (1.4.0)
    wisper (2.0.1)
    yard (0.9.26)

PLATFORMS
  ruby

DEPENDENCIES
  beaker (~> 4.0)
  beaker-docker
  beaker-puppet (~> 1.0)
  beaker-puppet_install_helper
  beaker-rspec
  beaker_spec_helper
  fast_gettext
  pdk (>= 1.9.1)
  puppet
  puppet-module-posix-default-r2.7
  puppet-module-posix-dev-r2.7
  puppet-module-win-default-r2.7
  puppet-module-win-dev-r2.7
  serverspec
  specinfra

BUNDLED WITH
   1.16.3
